GEM
  remote: https://rubygems.org/
  specs:
    nokogiri (1.5.10)

PLATFORMS
  ruby

DEPENDENCIES
  nokogiri (~> 1.5.9)
