GEM
  remote: https://rubygems.org/
  specs:
    fakeweb (1.3.0)
    multi_json (1.7.9)
    nokogiri (1.5.10)
    rake (10.1.0)
    simplecov (0.7.1)
      multi_json (~> 1.0)
      simplecov-html (~> 0.7.1)
    simplecov-html (0.7.1)
    test-unit (2.5.5)

PLATFORMS
  ruby

DEPENDENCIES
  fakeweb
  nokogiri (~> 1.5.9)
  rake
  simplecov
  test-unit
